GEM
  remote: http://rubygems.org/
  specs:
    addressable (2.2.4)
    data_objects (0.10.3)
      addressable (~> 2.1)
    datamapper (1.0.2)
      dm-aggregates (= 1.0.2)
      dm-constraints (= 1.0.2)
      dm-core (= 1.0.2)
      dm-migrations (= 1.0.2)
      dm-serializer (= 1.0.2)
      dm-timestamps (= 1.0.2)
      dm-transactions (= 1.0.2)
      dm-types (= 1.0.2)
      dm-validations (= 1.0.2)
    diff-lcs (1.1.2)
    dm-aggregates (1.0.2)
      dm-core (~> 1.0.2)
    dm-constraints (1.0.2)
      dm-core (~> 1.0.2)
      dm-migrations (~> 1.0.2)
    dm-core (1.0.2)
      addressable (~> 2.2)
      extlib (~> 0.9.15)
    dm-do-adapter (1.0.2)
      data_objects (~> 0.10.2)
      dm-core (~> 1.0.2)
    dm-migrations (1.0.2)
      dm-core (~> 1.0.2)
    dm-mysql-adapter (1.0.2)
      dm-do-adapter (~> 1.0.2)
      do_mysql (~> 0.10.2)
    dm-serializer (1.0.2)
      dm-core (~> 1.0.2)
      fastercsv (~> 1.5.3)
      json_pure (~> 1.4)
    dm-timestamps (1.0.2)
      dm-core (~> 1.0.2)
    dm-transactions (1.0.2)
      dm-core (~> 1.0.2)
    dm-types (1.0.2)
      dm-core (~> 1.0.2)
      fastercsv (~> 1.5.3)
      json_pure (~> 1.4)
      stringex (~> 1.1.0)
      uuidtools (~> 2.1.1)
    dm-validations (1.0.2)
      dm-core (~> 1.0.2)
    do_mysql (0.10.3)
      data_objects (= 0.10.3)
    extlib (0.9.15)
    factory_girl (1.3.3)
    fastercsv (1.5.4)
    haml (3.0.25)
    json (1.5.1)
    json_pure (1.5.1)
    rack (1.2.1)
    rack-test (0.5.7)
      rack (>= 1.0)
    rspec (2.5.0)
      rspec-core (~> 2.5.0)
      rspec-expectations (~> 2.5.0)
      rspec-mocks (~> 2.5.0)
    rspec-core (2.5.0)
    rspec-expectations (2.5.0)
      diff-lcs (~> 1.1.2)
    rspec-mocks (2.5.0)
    sinatra (1.1.2)
      rack (~> 1.1)
      tilt (~> 1.2)
    stringex (1.1.0)
    tilt (1.2.2)
    uuidtools (2.1.2)

PLATFORMS
  ruby

DEPENDENCIES
  datamapper
  dm-mysql-adapter
  factory_girl
  haml
  json
  rack-test
  rspec
  sinatra
